PATH
  remote: ../
  specs:
    omniauth-vkontakte (1.2.0)
      multi_json
      omniauth (~> 1.1.0)
      omniauth-oauth2 (~> 1.0)

GEM
  remote: http://rubygems.org/
  specs:
    faraday (0.8.6)
      multipart-post (~> 1.1)
    hashie (1.2.0)
    httpauth (0.2.0)
    jwt (0.1.7)
      multi_json (>= 1.5)
    multi_json (1.6.1)
    multipart-post (1.2.0)
    oauth2 (0.8.1)
      faraday (~> 0.8)
      httpauth (~> 0.1)
      jwt (~> 0.1.4)
      multi_json (~> 1.0)
      rack (~> 1.2)
    omniauth (1.1.3)
      hashie (~> 1.2)
      rack
    omniauth-oauth2 (1.1.1)
      oauth2 (~> 0.8.0)
      omniauth (~> 1.0)
    rack (1.5.2)
    rack-protection (1.5.0)
      rack
    sinatra (1.3.5)
      rack (~> 1.4)
      rack-protection (~> 1.3)
      tilt (~> 1.3, >= 1.3.3)
    tilt (1.3.5)

PLATFORMS
  ruby

DEPENDENCIES
  omniauth-vkontakte!
  sinatra
